##TITLE=Parameter List, ParaVision 6.0.1
##JCAMPDX=4.24
##DATATYPE=Parameter Values
##ORIGIN=Bruker BioSpin MRI GmbH
##OWNER=Jia
$$ 2022-08-01 11:45:45.890 -0400  Jia@czc612c0zb
$$ /opt/PV6.0.1/data/Jia/20220801_110450_AntiVCAM1_CTL_ID001_F_18mon_TP0_1_1/14/pdata/1/reco
$$ process /opt/PV6.0.1/prog/bin/parxserver
##$RECO_mode=USER_MODE
##$RecoAutoDerive=No
##$RecoDim=2
##$RecoObjectsPerRepetition=18
##$RecoObjectsPerSetupStep=18
$$ @vis= RECO_mode RecoAutoDerive RecoDim RecoObjectsPerRepetition
##$RecoNumRepetitions=4
##$RECO_inp_order=NO_REORDERING
##$RECO_inp_size=( 2 )
217 160
$$ @vis= RecoObjectsPerSetupStep RecoNumRepetitions RECO_inp_order
##$RECO_ft_size=( 2 )
402 212
##$RECO_fov=( 2 )
1.5 1.6
##$RECO_size=( 2 )
201 212
##$RECO_offset=( 2, 18 )
100 100 100 100 100 100 100 100 100 100 100 100 100 100 100 100 100 100 0 0 0 
0 0 0 0 0 0 0 0 0 0 0 0 0 0 0
##$RECO_regrid_mode=NO_REGRID
##$RECO_regrid_offset=0
##$RECO_ramp_gap=0
##$RECO_ramp_time=0
##$RECO_ne_mode=NO_NAV_DATA
$$ @vis= RECO_inp_size RECO_ft_size RECO_fov RECO_size RECO_offset
##$RECO_ne_dist=NeNoInterleave
##$RECO_ne_dens=NeCorrPerScan
##$RECO_ne_type=NAV_PHASE
##$RECO_bc_mode=( 2 )
NO_BC NO_BC
##$RECO_bc_start=( 2 )
163 120
##$RECO_bc_len=( 2 )
54 40
##$RECO_dc_offset=( 2 )
0 0
##$RECO_dc_divisor=1
##$RECO_bc_coroff=( 2 )
0 0
##$RECO_qopts=( 2 )
COMPLEX_CONJUGATE NO_QOPTS
##$RECO_wdw_mode=( 2 )
NO_WDW NO_WDW
##$RECO_lb=( 2 )
-0.5 -0.5
##$RECO_sw=( 2 )
119047.619047619 1
##$RECO_gb=( 2 )
0.5 0.5
##$RECO_sbs=( 2 )
1 1
##$RECO_tm1=( 2 )
0.25 0.25
##$RECO_tm2=( 2 )
0.75 0.75
##$RECO_ft_mode=( 2 )
COMPLEX_FT COMPLEX_FT
##$RECO_pc_mode=( 2 )
FIRST_ORDER_PC FIRST_ORDER_PC
##$RECO_pc_lin=( 2 )
(0, 180) (0, 180)
##$RECO_rotate=( 2, 18 )
0.5 0.5 0.5 0.5 0.5 0.5 0.5 0.5 0.5 0.5 0.5 0.5 0.5 0.5 0.5 0.5 0.5 0.5 
0.503566490957811 0.503566490957811 0.503566490957811 0.503566490957811 
0.503566490957811 0.503566490957811 0.503566490957811 0.503566490957811 
0.503566490957811 0.503566490957811 0.503566490957811 0.503566490957811 
0.503566490957811 0.503566490957811 0.503566490957811 0.503566490957811 
0.503566490957811 0.503566490957811
$$ @vis= RECO_ne_mode RECO_wdw_mode RECO_ft_mode RECO_pc_mode RECO_pc_lin
##$RECO_ppc_mode=NO_PPC
##$RECO_ref_image=0
##$RECO_nr_supports=0.4
##$RECO_sig_threshold=0.15
##$RECO_ppc_degree=1
##$RECO_ppc_coeffs=( 18, 2, 2 )
0 0 0 0 0 0 0 0 0 0 0 0 0 0 0 0 0 0 0 0 0 0 0 0 0 0 0 0 0 0 0 0 0 0 0 0 0 0 0 
0 0 0 0 0 0 0 0 0 0 0 0 0 0 0 0 0 0 0 0 0 0 0 0 0 0 0 0 0 0 0 0 0
##$RECO_dc_elim=Yes
##$RECO_transposition=( 18 )
1 1 1 1 1 1 1 1 1 1 1 1 1 1 1 1 1 1
##$RECO_image_type=MAGNITUDE_IMAGE
##$RECO_image_threshold=0.15
##$RECO_ir_scale=10
##$RECO_wordtype=_16BIT_SGN_INT
##$RECO_map_mode=ABSOLUTE_MAPPING
$$ @vis= RECO_rotate RECO_transposition RECO_image_type RECO_wordtype
##$RECO_map_range=( 2 )
-2147483647 2147483647
##$RECO_map_percentile=( 2 )
1 99.99
##$RECO_map_error=0.0025
##$RECO_globex=( 72 )
0 0 0 0 0 0 0 0 0 0 0 0 0 0 0 0 0 0 0 0 0 0 0 0 0 0 0 0 0 0 0 0 0 0 0 0 0 0 0 
0 0 0 0 0 0 0 0 0 0 0 0 0 0 0 0 0 0 0 0 0 0 0 0 0 0 0 0 0 0 0 0 0
##$RECO_minima=( 72 )
330.103613213837 318.231540272414 387.555670685652 323.305808646887 
327.483801826972 304.69992293969 387.331813687554 279.413119137329 
328.817677421931 360.216662371229 276.834446347303 170.123516522437 
246.797955415938 292.570199415051 266.194171967846 290.064833670499 
264.019466110034 232.854627795223 324.367075151 267.674538626424 
358.229415878915 286.958627965058 297.677036746808 283.946363775168 
296.516306740984 450.149672614874 367.666069338338 419.216208311109 
416.13894825605 369.523587321263 274.993780091137 304.251061342938 
236.42614193002 280.810852449066 299.129179016913 286.473269633903 
353.677779982289 305.906734390263 349.778838149055 248.405431743995 
365.55861916989 395.489427367933 208.44282881156 335.615750078375 
207.994688982777 376.717486976086 396.301709965894 359.385896336129 
338.825046097596 280.461356025771 319.312973710243 295.407700460001 
227.091990933449 259.381765780521 322.055358318281 205.433610597509 
390.107672769803 405.78612853089 268.704983948867 309.355481758906 
319.963283997703 413.429108553264 389.11496475551 281.821349327187 
234.64578207927 297.970239605771 315.403729470606 291.093464498836 
373.563347756543 193.776084052912 314.248746903884 280.818170800383
##$RECO_maxima=( 72 )
15332.9686919972 13297.1904671949 15118.2501848012 18314.0054737192 
17365.4234353238 19235.4665985333 19294.1392319385 21720.279066182 
20881.6698741666 20458.4759490858 18950.0048882332 21563.3228090759 
20352.6448707849 22556.41173359 24829.1113948482 21010.2778273292 
29194.7104391879 30891.7152153416 13787.6799881719 12812.3585327761 
15270.0072347552 18916.1974144902 17598.9236207524 18898.9781431048 
18804.4128474741 21262.110750957 22302.5260972754 20641.8235882621 
19632.2403406437 19812.3818529355 20006.0313456636 21035.2723935544 
24076.1890047955 20563.368428975 26810.6788597271 32766.5 13691.7253074334 
13264.8146737444 15007.9602046048 18341.6110379095 17194.3858161521 
18809.6175652588 18447.6497525637 22030.3888210971 22077.9943814577 
20760.5680031891 18612.2286351955 21974.4657876117 20284.603235931 
22735.4074933057 25166.1338665821 20970.1610246874 27795.5664840873 
30079.7819173864 12953.2338491725 13547.7022481537 14051.2895446232 
17967.2353658628 17465.0727270686 18344.0581763421 19985.5367902829 
21335.7244667894 22102.3950514948 19850.7249949608 18371.6041462249 
21703.032998642 20507.1495331549 19952.5152717782 24226.1857634916 
20901.4948482114 28283.4472510297 29517.7113013153
##$RECO_map_min=( 72 )
-2.72198261465795 -2.72198261465795 -2.72198261465795 -2.72198261465795 
-2.72198261465795 -2.72198261465795 -2.72198261465795 -2.72198261465795 
-2.72198261465795 -2.72198261465795 -2.72198261465795 -2.72198261465795 
-2.72198261465795 -2.72198261465795 -2.72198261465795 -2.72198261465795 
-2.72198261465795 -2.72198261465795 -2.72198261465795 -2.72198261465795 
-2.72198261465795 -2.72198261465795 -2.72198261465795 -2.72198261465795 
-2.72198261465795 -2.72198261465795 -2.72198261465795 -2.72198261465795 
-2.72198261465795 -2.72198261465795 -2.72198261465795 -2.72198261465795 
-2.72198261465795 -2.72198261465795 -2.72198261465795 -2.72198261465795 
-2.72198261465795 -2.72198261465795 -2.72198261465795 -2.72198261465795 
-2.72198261465795 -2.72198261465795 -2.72198261465795 -2.72198261465795 
-2.72198261465795 -2.72198261465795 -2.72198261465795 -2.72198261465795 
-2.72198261465795 -2.72198261465795 -2.72198261465795 -2.72198261465795 
-2.72198261465795 -2.72198261465795 -2.72198261465795 -2.72198261465795 
-2.72198261465795 -2.72198261465795 -2.72198261465795 -2.72198261465795 
-2.72198261465795 -2.72198261465795 -2.72198261465795 -2.72198261465795 
-2.72198261465795 -2.72198261465795 -2.72198261465795 -2.72198261465795 
-2.72198261465795 -2.72198261465795 -2.72198261465795 -2.72198261465795
##$RECO_map_max=( 72 )
2.72198261465795 2.72198261465795 2.72198261465795 2.72198261465795 
2.72198261465795 2.72198261465795 2.72198261465795 2.72198261465795 
2.72198261465795 2.72198261465795 2.72198261465795 2.72198261465795 
2.72198261465795 2.72198261465795 2.72198261465795 2.72198261465795 
2.72198261465795 2.72198261465795 2.72198261465795 2.72198261465795 
2.72198261465795 2.72198261465795 2.72198261465795 2.72198261465795 
2.72198261465795 2.72198261465795 2.72198261465795 2.72198261465795 
2.72198261465795 2.72198261465795 2.72198261465795 2.72198261465795 
2.72198261465795 2.72198261465795 2.72198261465795 2.72198261465795 
2.72198261465795 2.72198261465795 2.72198261465795 2.72198261465795 
2.72198261465795 2.72198261465795 2.72198261465795 2.72198261465795 
2.72198261465795 2.72198261465795 2.72198261465795 2.72198261465795 
2.72198261465795 2.72198261465795 2.72198261465795 2.72198261465795 
2.72198261465795 2.72198261465795 2.72198261465795 2.72198261465795 
2.72198261465795 2.72198261465795 2.72198261465795 2.72198261465795 
2.72198261465795 2.72198261465795 2.72198261465795 2.72198261465795 
2.72198261465795 2.72198261465795 2.72198261465795 2.72198261465795 
2.72198261465795 2.72198261465795 2.72198261465795 2.72198261465795
##$RECO_map_offset=( 72 )
0 0 0 0 0 0 0 0 0 0 0 0 0 0 0 0 0 0 0 0 0 0 0 0 0 0 0 0 0 0 0 0 0 0 0 0 0 0 0 
0 0 0 0 0 0 0 0 0 0 0 0 0 0 0 0 0 0 0 0 0 0 0 0 0 0 0 0 0 0 0 0 0
##$RECO_map_slope=( 72 )
12037.7330198773 12037.7330198773 12037.7330198773 12037.7330198773 
12037.7330198773 12037.7330198773 12037.7330198773 12037.7330198773 
12037.7330198773 12037.7330198773 12037.7330198773 12037.7330198773 
12037.7330198773 12037.7330198773 12037.7330198773 12037.7330198773 
12037.7330198773 12037.7330198773 12037.7330198773 12037.7330198773 
12037.7330198773 12037.7330198773 12037.7330198773 12037.7330198773 
12037.7330198773 12037.7330198773 12037.7330198773 12037.7330198773 
12037.7330198773 12037.7330198773 12037.7330198773 12037.7330198773 
12037.7330198773 12037.7330198773 12037.7330198773 12037.7330198773 
12037.7330198773 12037.7330198773 12037.7330198773 12037.7330198773 
12037.7330198773 12037.7330198773 12037.7330198773 12037.7330198773 
12037.7330198773 12037.7330198773 12037.7330198773 12037.7330198773 
12037.7330198773 12037.7330198773 12037.7330198773 12037.7330198773 
12037.7330198773 12037.7330198773 12037.7330198773 12037.7330198773 
12037.7330198773 12037.7330198773 12037.7330198773 12037.7330198773 
12037.7330198773 12037.7330198773 12037.7330198773 12037.7330198773 
12037.7330198773 12037.7330198773 12037.7330198773 12037.7330198773 
12037.7330198773 12037.7330198773 12037.7330198773 12037.7330198773
##$RECO_byte_order=littleEndian
##$RECO_time=<2022-08-01T11:45:45,887-0400>
##$RECO_abs_time=(1659368745, 887, -240)
##$RECO_base_image_uid=( 65 )
<2.16.756.5.5.100.8323328.38799.1659368745.1>
##$RecoUserUpdate=Yes
##$RecoReverseSegment=0
##$RecoB0DemodOff=0
##$RecoB0DemodDelay=0
$$ @vis= RECO_map_mode RECO_byte_order RecoUserUpdate RecoB0DemodOff
##$RecoFTOrder=( 2 )
0 1
##$RecoHalfFT=( 2 )
No No
##$RecoHalfFTPos=( 2 )
67 80
##$RecoCorrPhase=RecoCorrPhaseOff
##$RecoCorrPhaseRef=-1
$$ @vis= RecoWindow RecoFTOrder RecoHalfFT RecoHalfFTPos RecoCorrPhase
##$RECO_map_user_slope=1
##$RECO_map_user_offset=0
##$RecoNumInputChan=4
##$RecoScaleChan=( 4 )
1 1 1 1
##$RecoPhaseChan=( 4 )
0 0 0 0
$$ @vis= RecoCorrPhaseRef RecoMap RecoNumInputChan RecoScaleChan
##$RecoCombineMode=SumOfSquares
##$RecoSortDim=2
##$RecoSortSize=( 2 )
160 18
##$RecoSortRange=( 2 )
212 18
##$RecoSortSegment=( 2 )
1 0
$$ @vis= RecoPhaseChan RecoCombineMode RecoSortDim RecoSortSize RecoSortRange
##$RecoSortMaps=( 178 )
26 27 28 29 30 31 32 33 34 35 36 37 38 39 40 41 42 43 44 45 46 47 48 49 50 51 
52 53 54 55 56 57 58 59 60 61 62 63 64 65 66 67 68 69 70 71 72 73 74 75 76 77 
78 79 80 81 82 83 84 85 86 87 88 89 90 91 92 93 94 95 96 97 98 99 100 101 102 
103 104 105 106 107 108 109 110 111 112 113 114 115 116 117 118 119 120 121 
122 123 124 125 126 127 128 129 130 131 132 133 134 135 136 137 138 139 140 
141 142 143 144 145 146 147 148 149 150 151 152 153 154 155 156 157 158 159 
160 161 162 163 164 165 166 167 168 169 170 171 172 173 174 175 176 177 178 
179 180 181 182 183 184 185 0 2 4 6 8 10 12 14 16 1 3 5 7 9 11 13 15 17
##$RecoGrappaAccelFactor=1
##$RecoGrappaKernelRead=0
##$RecoGrappaKernelPhase=0
##$RecoGrappaNumRefRead=0
##$RecoGrappaNumRefPhase=0
##$RecoGrappaIncludeRefLines=Yes
##$RecoGrappaReadCenter=0
##$RecoGrappaPhaseCenter=0
##$RecoGrappaTruncThresh=-1
$$ @vis= RecoSortSegment RecoSortMaps RecoSortGroup RecoGrappaAccelFactor
##$RecoRegridN=Off
##$RecoStageNrPasses=4
##$RecoStagePasses=( 4 )
(<FIRSTPASS>, 0) (<FTPASS1>, 1) (<PREPPASS>, 2) (<MAPPASS>, 3)
$$ @vis= RecoGrappaGroup RecoRegridN RecoRegridNGroup RecoStageNrPasses
##$RecoStageNrNodes=70
##$RecoStageNodes=( 70 )
(<merge>, 0, <RecoQueueSource 
Source0{queueId=0;nr=1;procDim=1;dim=2;sizes={434,11520}
;baseField=REAL;verbose=false;initOnce=true}>) (<merge>, 0, <RecoQueueSource 
Source1{queueId=1;nr=1;procDim=1;dim=2;sizes={434,11520}
;baseField=REAL;verbose=false;initOnce=true}>) (<merge>, 0, <RecoQueueSource 
Source2{queueId=2;nr=1;procDim=1;dim=2;sizes={434,11520}
;baseField=REAL;verbose=false;initOnce=true}>) (<merge>, 0, <RecoQueueSource 
Source3{queueId=3;nr=1;procDim=1;dim=2;sizes={434,11520}
;baseField=REAL;verbose=false;initOnce=true}>) (<merge>, 0, 
<RecoCombineFilter Combine{verbose=false;dim=1}>) (<merge>, 0, <RecoQueueSink 
Sink{verbose=false;initOnce=true;}>) (<input>, 0, <RecoFileSource 
Q{numChan=4;byteOrder=\<BYTORDA\>;contData=false;initFromACQP=true;}>) 
(<input>, 0, <RecoQueueSink S{initQueue=true;initOnce=true;}>) (<compute>, 0, 
<RecoQueueSource Q0{initFromACQP=true;initOnce=true;}>) (<compute>, 0, 
<RecoBufferSink S0{procDim=1;frameDim=2;bufferId="FIRSTPASS0";memId="out0"}>) 
(<compute>, 0, <RecoBufferSink 
S1{procDim=1;frameDim=2;bufferId="FIRSTPASS1";memId="out1"}>) (<compute>, 0, 
<RecoBufferSink S2{procDim=1;frameDim=2;bufferId="FIRSTPASS2";memId="out2"}>) 
(<compute>, 0, <RecoBufferSink 
S3{procDim=1;frameDim=2;bufferId="FIRSTPASS3";memId="out3"}>) (<compute>, 0, 
<RecoSplitFilter SP0{dim=1; keepBlocksize=1}>) (<compute>, 0, <RecoCastFilter 
CAST0{dataRep=FLOAT; wordSize=8}>) (<compute>, 0, <RecoZfillFilter 
Z0{fixedSize=\<RECO_ft_size[0]\>; dataPosition=134; fillingPosition=0.5}>) 
(<compute>, 0, <RecoFTShiftFilter FTS0{frameDim=2; winDirection=0; 
shift=\<RECO_rotate[0]\>; exponent=1}>) (<compute>, 0, <RecoFTFilter 
FT0{direction=0; exponent=1}>) (<compute>, 0, <RecoSortFilter 
REORD0{sortDim=\<RecoSortDim\>; sortSize=\<RecoSortSize\>; 
sortRange=\<RecoSortRange\>; sortSegment=\<RecoSortSegment\>; 
sortMaps=\<RecoSortMaps\>; frameDim = 2}>) (<compute>, 0, <RecoCastFilter 
CAST1{dataRep=FLOAT; wordSize=8}>) (<compute>, 0, <RecoZfillFilter 
Z1{fixedSize=\<RECO_ft_size[0]\>; dataPosition=134; fillingPosition=0.5}>) 
(<compute>, 0, <RecoFTShiftFilter FTS1{frameDim=2; winDirection=0; 
shift=\<RECO_rotate[0]\>; exponent=1}>) (<compute>, 0, <RecoFTFilter 
FT1{direction=0; exponent=1}>) (<compute>, 0, <RecoSortFilter 
REORD1{sortDim=\<RecoSortDim\>; sortSize=\<RecoSortSize\>; 
sortRange=\<RecoSortRange\>; sortSegment=\<RecoSortSegment\>; 
sortMaps=\<RecoSortMaps\>; frameDim = 2}>) (<compute>, 0, <RecoCastFilter 
CAST2{dataRep=FLOAT; wordSize=8}>) (<compute>, 0, <RecoZfillFilter 
Z2{fixedSize=\<RECO_ft_size[0]\>; dataPosition=134; fillingPosition=0.5}>) 
(<compute>, 0, <RecoFTShiftFilter FTS2{frameDim=2; winDirection=0; 
shift=\<RECO_rotate[0]\>; exponent=1}>) (<compute>, 0, <RecoFTFilter 
FT2{direction=0; exponent=1}>) (<compute>, 0, <RecoSortFilter 
REORD2{sortDim=\<RecoSortDim\>; sortSize=\<RecoSortSize\>; 
sortRange=\<RecoSortRange\>; sortSegment=\<RecoSortSegment\>; 
sortMaps=\<RecoSortMaps\>; frameDim = 2}>) (<compute>, 0, <RecoCastFilter 
CAST3{dataRep=FLOAT; wordSize=8}>) (<compute>, 0, <RecoZfillFilter 
Z3{fixedSize=\<RECO_ft_size[0]\>; dataPosition=134; fillingPosition=0.5}>) 
(<compute>, 0, <RecoFTShiftFilter FTS3{frameDim=2; winDirection=0; 
shift=\<RECO_rotate[0]\>; exponent=1}>) (<compute>, 0, <RecoFTFilter 
FT3{direction=0; exponent=1}>) (<compute>, 0, <RecoSortFilter 
REORD3{sortDim=\<RecoSortDim\>; sortSize=\<RecoSortSize\>; 
sortRange=\<RecoSortRange\>; sortSegment=\<RecoSortSegment\>; 
sortMaps=\<RecoSortMaps\>; frameDim = 2}>) (<compute>, 1, <RecoBufferSource 
Q0{procDim=1;frameDim=2;bufferId="FIRSTPASS0";memId="out0"}>) (<compute>, 1, 
<RecoBufferSource Q1{procDim=1;frameDim=2;bufferId="FIRSTPASS1";memId="out1"}>
) (<compute>, 1, <RecoBufferSource 
Q2{procDim=1;frameDim=2;bufferId="FIRSTPASS2";memId="out2"}>) (<compute>, 1, 
<RecoBufferSource Q3{procDim=1;frameDim=2;bufferId="FIRSTPASS3";memId="out3"}>
) (<compute>, 1, <RecoBufferSink 
S0{procDim=1;frameDim=2;bufferId="FTPASS10";memId="in0"}>) (<compute>, 1, 
<RecoBufferSink S1{procDim=1;frameDim=2;bufferId="FTPASS11";memId="in1"}>) 
(<compute>, 1, <RecoBufferSink 
S2{procDim=1;frameDim=2;bufferId="FTPASS12";memId="in2"}>) (<compute>, 1, 
<RecoBufferSink S3{procDim=1;frameDim=2;bufferId="FTPASS13";memId="in3"}>) 
(<compute>, 1, <RecoFTShiftFilter FTS0{frameDim=2; winDirection=1; 
shift=\<RECO_rotate[1]\>; exponent=1}>) (<compute>, 1, <RecoFTFilter 
FT0{direction=1;exponent=1;}>) (<compute>, 1, <RecoFTShiftFilter 
FTS1{frameDim=2; winDirection=1; shift=\<RECO_rotate[1]\>; exponent=1}>) 
(<compute>, 1, <RecoFTFilter FT1{direction=1;exponent=1;}>) (<compute>, 1, 
<RecoFTShiftFilter FTS2{frameDim=2; winDirection=1; shift=\<RECO_rotate[1]\>; 
exponent=1}>) (<compute>, 1, <RecoFTFilter FT2{direction=1;exponent=1;}>) 
(<compute>, 1, <RecoFTShiftFilter FTS3{frameDim=2; winDirection=1; 
shift=\<RECO_rotate[1]\>; exponent=1}>) (<compute>, 1, <RecoFTFilter 
FT3{direction=1;exponent=1;}>) (<compute>, 2, <RecoBufferSource 
Q0{procDim=2;frameDim=2;bufferId="FTPASS10";memId="in0"}>) (<compute>, 2, 
<RecoBufferSource Q1{procDim=2;frameDim=2;bufferId="FTPASS11";memId="in1"}>) 
(<compute>, 2, <RecoBufferSource 
Q2{procDim=2;frameDim=2;bufferId="FTPASS12";memId="in2"}>) (<compute>, 2, 
<RecoBufferSource Q3{procDim=2;frameDim=2;bufferId="FTPASS13";memId="in3"}>) 
(<compute>, 2, <RecoBufferSink 
S0{procDim=2;frameDim=2;bufferId="PREPPASS0";memId="out0"}>) (<compute>, 2, 
<RecoCutoffFilter CUT0{sizes=\<RECO_size\>; frameDim=2; 
offset=\<RECO_offset\>;}>) (<compute>, 2, <RecoCutoffFilter 
CUT1{sizes=\<RECO_size\>; frameDim=2; offset=\<RECO_offset\>;}>) (<compute>, 
2, <RecoCutoffFilter CUT2{sizes=\<RECO_size\>; frameDim=2; 
offset=\<RECO_offset\>;}>) (<compute>, 2, <RecoCutoffFilter 
CUT3{sizes=\<RECO_size\>; frameDim=2; offset=\<RECO_offset\>;}>) (<compute>, 
2, <RecoSumOfSquaresFilter SOS0>) (<compute>, 2, <RecoMagnitudeFilter G0>) 
(<compute>, 2, <RecoTransposeFilter TP0{transpose=\<RECO_transposition\>;}>) 
(<compute>, 2, <RecoMinMaxFilter 
M0{map_min=\<RECO_map_min\>;map_max=\<RECO_map_max\>;}>) (<compute>, 3, 
<RecoBufferSource Q0{procDim=2;frameDim=2;bufferId="PREPPASS0";memId="out0"}>)
 (<compute>, 3, <RecoQueueSink S0>) (<compute>, 3, <RecoMapFilter 
MAP0{symmetricMode=true;minima=\<RECO_minima\>;maxima=\<RECO_maxima\>;slope=\<RECO_map_slope\>;offset=\<RECO_map_offset\>;map_min=\<RECO_map_min\>;map_max=\<RECO_map_max\>;rangeMin=-32766.500000;rangeMax=32766.500000;perObjectMode=false;cutoffMode=true;}>) (<compute>, 3, <RecoCastFilter CAST0{dataRep=SIGNED;wordSize=2}>) (<output>, 3, <RecoQueueSource Q{procDim=2;initFromRECO=true;initOnce=true;}>) (<output>, 3, <RecoImageDisplayFilter DISP{showAll=true;}>) (<output>, 3, <RecoFileSink S{writePars=true;shuffle=false;filename="2dseq";numChans=1;}>)
##$RecoStageNrEdges=60
##$RecoStageEdges=( 60 )
(<merge>, 0, <Source0-\>Combine>) (<merge>, 0, <Source1-\>Combine>) (<merge>, 
0, <Source2-\>Combine>) (<merge>, 0, <Source3-\>Combine>) (<merge>, 0, 
<Combine-\>Sink>) (<input>, 0, <Q-\>S>) (<compute>, 0, <Q0-\>SP0>) (<compute>,
 0, <SP0-\>CAST0>) (<compute>, 0, <SP0-\>CAST1>) (<compute>, 0, <SP0-\>CAST2>)
 (<compute>, 0, <SP0-\>CAST3>) (<compute>, 0, <CAST0-\>Z0>) (<compute>, 0, 
<Z0-\>FTS0>) (<compute>, 0, <FTS0-\>FT0>) (<compute>, 0, <FT0-\>REORD0>) 
(<compute>, 0, <REORD0-\>S0>) (<compute>, 0, <CAST1-\>Z1>) (<compute>, 0, 
<Z1-\>FTS1>) (<compute>, 0, <FTS1-\>FT1>) (<compute>, 0, <FT1-\>REORD1>) 
(<compute>, 0, <REORD1-\>S1>) (<compute>, 0, <CAST2-\>Z2>) (<compute>, 0, 
<Z2-\>FTS2>) (<compute>, 0, <FTS2-\>FT2>) (<compute>, 0, <FT2-\>REORD2>) 
(<compute>, 0, <REORD2-\>S2>) (<compute>, 0, <CAST3-\>Z3>) (<compute>, 0, 
<Z3-\>FTS3>) (<compute>, 0, <FTS3-\>FT3>) (<compute>, 0, <FT3-\>REORD3>) 
(<compute>, 0, <REORD3-\>S3>) (<compute>, 1, <Q0-\>FTS0>) (<compute>, 1, 
<Q1-\>FTS1>) (<compute>, 1, <Q2-\>FTS2>) (<compute>, 1, <Q3-\>FTS3>) 
(<compute>, 1, <FTS0-\>FT0>) (<compute>, 1, <FT0-\>S0>) (<compute>, 1, 
<FTS1-\>FT1>) (<compute>, 1, <FT1-\>S1>) (<compute>, 1, <FTS2-\>FT2>) 
(<compute>, 1, <FT2-\>S2>) (<compute>, 1, <FTS3-\>FT3>) (<compute>, 1, 
<FT3-\>S3>) (<compute>, 2, <Q0-\>CUT0>) (<compute>, 2, <Q1-\>CUT1>) (<compute>
, 2, <Q2-\>CUT2>) (<compute>, 2, <Q3-\>CUT3>) (<compute>, 2, <CUT0-\>SOS0.0>) 
(<compute>, 2, <CUT1-\>SOS0.1>) (<compute>, 2, <CUT2-\>SOS0.2>) (<compute>, 2,
 <CUT3-\>SOS0.3>) (<compute>, 2, <SOS0-\>G0>) (<compute>, 2, <G0-\>TP0>) 
(<compute>, 2, <TP0-\>M0>) (<compute>, 2, <M0-\>S0>) (<compute>, 3, 
<Q0-\>MAP0>) (<compute>, 3, <MAP0-\>CAST0>) (<compute>, 3, <CAST0-\>S0>) 
(<output>, 3, <Q-\>DISP>) (<output>, 3, <DISP-\>S>)
$$ @vis= RecoStagePasses RecoStageNrNodes RecoStageNodes RecoStageNrEdges
##$GS_reco_display=Yes
##$GO_reco_display=Yes
$$ @vis= RecoStageEdges RecoStageGroup RecoModeUser GS_reco_display RECO_GS
##$GO_reco_each_nr=No
##$GO_max_reco_mem=0
##$RecoPrototype=No
$$ @vis= GO_reco_display GO_reco_each_nr GO_max_reco_mem RECO_GO
$$ @vis= RecoPrototype RECO
##END=
$$ File finished by PARX at 2022-08-01 11:45:45.891 -0400
