##TITLE=Parameter List, ParaVision 6.0.1
##JCAMPDX=4.24
##DATATYPE=Parameter Values
##ORIGIN=Bruker BioSpin MRI GmbH
##OWNER=Jia
$$ 2022-08-01 11:45:45.889 -0400  Jia@czc612c0zb
$$ /opt/PV6.0.1/data/Jia/20220801_110450_AntiVCAM1_CTL_ID001_F_18mon_TP0_1_1/14/pdata/1/visu_pars
$$ process /opt/PV6.0.1/prog/bin/parxserver
##$VisuVersion=3
##$VisuUid=( 65 )
<2.16.756.5.5.100.8323328.38799.1659368745.1>
##$VisuCreator=( 65 )
<ParaVision>
##$VisuCreatorVersion=( 65 )
<6.0.1>
##$VisuCreationDate=<2022-08-01T11:45:45,887-0400>
##$VisuInstanceModality=( 65 )
<MR>
$$ @vis= VisuVersion VisuUid VisuCreator VisuCreatorVersion VisuCreationDate
##$VisuCoreFrameCount=72
##$VisuCoreDim=2
##$VisuCoreSize=( 2 )
212 201
$$ @vis= VisuInstanceModality VisuInstance VisuCoreFrameCount VisuCoreDim
##$VisuCoreDimDesc=( 2 )
spatial spatial
##$VisuCoreExtent=( 2 )
16 15
##$VisuCoreFrameThickness=( 1 )
0.4
##$VisuCoreUnits=( 2, 65 )
<mm> <mm>
$$ @vis= VisuCoreSize VisuCoreDimDesc VisuCoreExtent VisuCoreFrameThickness
##$VisuCoreOrientation=( 18, 9 )
-0.999727814341757 -0.0231111068040203 0.00318966671424141 
-0.0011349127768149 -0.0883808317918435 -0.996086111008866 0.0233025578948699 
-0.995818610648586 0.0883305467065636 -0.999727814341757 -0.0231111068040203 
0.00318966671424141 -0.0011349127768149 -0.0883808317918435 
-0.996086111008866 0.0233025578948699 -0.995818610648586 0.0883305467065636 
-0.999727814341757 -0.0231111068040203 0.00318966671424141 
-0.0011349127768149 -0.0883808317918435 -0.996086111008866 0.0233025578948699 
-0.995818610648586 0.0883305467065636 -0.999727814341757 -0.0231111068040203 
0.00318966671424141 -0.0011349127768149 -0.0883808317918435 
-0.996086111008866 0.0233025578948699 -0.995818610648586 0.0883305467065636 
-0.999727814341757 -0.0231111068040203 0.00318966671424141 
-0.0011349127768149 -0.0883808317918435 -0.996086111008866 0.0233025578948699 
-0.995818610648586 0.0883305467065636 -0.999727814341757 -0.0231111068040203 
0.00318966671424141 -0.0011349127768149 -0.0883808317918435 
-0.996086111008866 0.0233025578948699 -0.995818610648586 0.0883305467065636 
-0.999727814341757 -0.0231111068040203 0.00318966671424141 
-0.0011349127768149 -0.0883808317918435 -0.996086111008866 0.0233025578948699 
-0.995818610648586 0.0883305467065636 -0.999727814341757 -0.0231111068040203 
0.00318966671424141 -0.0011349127768149 -0.0883808317918435 
-0.996086111008866 0.0233025578948699 -0.995818610648586 0.0883305467065636 
-0.999727814341757 -0.0231111068040203 0.00318966671424141 
-0.0011349127768149 -0.0883808317918435 -0.996086111008866 0.0233025578948699 
-0.995818610648586 0.0883305467065636 -0.999727814341757 -0.0231111068040203 
0.00318966671424141 -0.0011349127768149 -0.0883808317918435 
-0.996086111008866 0.0233025578948699 -0.995818610648586 0.0883305467065636 
-0.999727814341757 -0.0231111068040203 0.00318966671424141 
-0.0011349127768149 -0.0883808317918435 -0.996086111008866 0.0233025578948699 
-0.995818610648586 0.0883305467065636 -0.999727814341757 -0.0231111068040203 
0.00318966671424141 -0.0011349127768149 -0.0883808317918435 
-0.996086111008866 0.0233025578948699 -0.995818610648586 0.0883305467065636 
-0.999727814341757 -0.0231111068040203 0.00318966671424141 
-0.0011349127768149 -0.0883808317918435 -0.996086111008866 0.0233025578948699 
-0.995818610648586 0.0883305467065636 -0.999727814341757 -0.0231111068040203 
0.00318966671424141 -0.0011349127768149 -0.0883808317918435 
-0.996086111008866 0.0233025578948699 -0.995818610648586 0.0883305467065636 
-0.999727814341757 -0.0231111068040203 0.00318966671424141 
-0.0011349127768149 -0.0883808317918435 -0.996086111008866 0.0233025578948699 
-0.995818610648586 0.0883305467065636 -0.999727814341757 -0.0231111068040203 
0.00318966671424141 -0.0011349127768149 -0.0883808317918435 
-0.996086111008866 0.0233025578948699 -0.995818610648586 0.0883305467065636 
-0.999727814341757 -0.0231111068040203 0.00318966671424141 
-0.0011349127768149 -0.0883808317918435 -0.996086111008866 0.0233025578948699 
-0.995818610648586 0.0883305467065636 -0.999727814341757 -0.0231111068040203 
0.00318966671424141 -0.0011349127768149 -0.0883808317918435 
-0.996086111008866 0.0233025578948699 -0.995818610648586 0.0883305467065636
##$VisuCorePosition=( 18, 3 )
8.20148705740272 -4.28058818333411 13.5630923576546 8.19216603424477 
-3.88226073907467 13.527760138972 8.18284501108682 -3.48393329481524 
13.4924279202894 8.17352398792888 -3.0856058505558 13.4570957016068 
8.16420296477093 -2.68727840629637 13.4217634829241 8.15488194161298 
-2.28895096203693 13.3864312642415 8.14556091845503 -1.8906235177775 
13.3510990455589 8.13623989529709 -1.49229607351807 13.3157668268763 
8.12691887213914 -1.09396862925863 13.2804346081936 8.11759784898119 
-0.695641184999196 13.245102389511 8.10827682582324 -0.297313740739762 
13.2097701708284 8.09895580266529 0.101013703519672 13.1744379521458 
8.08963477950735 0.499341147779107 13.1391057334631 8.0803137563494 
0.897668592038541 13.1037735147805 8.07099273319145 1.29599603629798 
13.0684412960979 8.0616717100335 1.69432348055741 13.0331090774153 
8.05235068687555 2.09265092481684 12.9977768587326 8.04302966371761 
2.49097836907628 12.96244464005
##$VisuCoreDataMin=( 72 )
330.103613213837 318.231540272414 387.555670685652 323.305808646887 
327.483801826972 304.69992293969 387.331813687554 279.413119137329 
328.817677421931 360.216662371229 276.834446347303 170.123516522437 
246.797955415938 292.570199415051 266.194171967846 290.064833670499 
264.019466110034 232.854627795223 324.367075151 267.674538626424 
358.229415878915 286.958627965058 297.677036746808 283.946363775168 
296.516306740984 450.149672614874 367.666069338338 419.216208311109 
416.13894825605 369.523587321263 274.993780091137 304.251061342938 
236.42614193002 280.810852449066 299.129179016913 286.473269633903 
353.677779982289 305.906734390263 349.778838149055 248.405431743995 
365.55861916989 395.489427367933 208.44282881156 335.615750078375 
207.994688982777 376.717486976086 396.301709965894 359.385896336129 
338.825046097596 280.461356025771 319.312973710243 295.407700460001 
227.091990933449 259.381765780521 322.055358318281 205.433610597509 
390.107672769803 405.78612853089 268.704983948867 309.355481758906 
319.963283997703 413.429108553264 389.11496475551 281.821349327187 
234.64578207927 297.970239605771 315.403729470606 291.093464498836 
373.563347756543 193.776084052912 314.248746903884 280.818170800383
##$VisuCoreDataMax=( 72 )
15332.9686919972 13297.1904671949 15118.2501848012 18314.0054737192 
17365.4234353238 19235.4665985333 19294.1392319385 21720.279066182 
20881.6698741666 20458.4759490858 18950.0048882332 21563.3228090759 
20352.6448707849 22556.41173359 24829.1113948482 21010.2778273292 
29194.7104391879 30891.7152153416 13787.6799881719 12812.3585327761 
15270.0072347552 18916.1974144902 17598.9236207524 18898.9781431048 
18804.4128474741 21262.110750957 22302.5260972754 20641.8235882621 
19632.2403406437 19812.3818529355 20006.0313456636 21035.2723935544 
24076.1890047955 20563.368428975 26810.6788597271 32766.5 13691.7253074334 
13264.8146737444 15007.9602046048 18341.6110379095 17194.3858161521 
18809.6175652588 18447.6497525637 22030.3888210971 22077.9943814577 
20760.5680031891 18612.2286351955 21974.4657876117 20284.603235931 
22735.4074933057 25166.1338665821 20970.1610246874 27795.5664840873 
30079.7819173864 12953.2338491725 13547.7022481537 14051.2895446232 
17967.2353658628 17465.0727270686 18344.0581763421 19985.5367902829 
21335.7244667894 22102.3950514948 19850.7249949608 18371.6041462249 
21703.032998642 20507.1495331549 19952.5152717782 24226.1857634916 
20901.4948482114 28283.4472510297 29517.7113013153
$$ @vis= VisuCoreUnits VisuCoreOrientation VisuCorePosition VisuCoreDataMin
##$VisuCoreDataOffs=( 72 )
0 0 0 0 0 0 0 0 0 0 0 0 0 0 0 0 0 0 0 0 0 0 0 0 0 0 0 0 0 0 0 0 0 0 0 0 0 0 0 
0 0 0 0 0 0 0 0 0 0 0 0 0 0 0 0 0 0 0 0 0 0 0 0 0 0 0 0 0 0 0 0 0
##$VisuCoreDataSlope=( 72 )
8.30721198375766e-05 8.30721198375766e-05 8.30721198375766e-05 
8.30721198375766e-05 8.30721198375766e-05 8.30721198375766e-05 
8.30721198375766e-05 8.30721198375766e-05 8.30721198375766e-05 
8.30721198375766e-05 8.30721198375766e-05 8.30721198375766e-05 
8.30721198375766e-05 8.30721198375766e-05 8.30721198375766e-05 
8.30721198375766e-05 8.30721198375766e-05 8.30721198375766e-05 
8.30721198375766e-05 8.30721198375766e-05 8.30721198375766e-05 
8.30721198375766e-05 8.30721198375766e-05 8.30721198375766e-05 
8.30721198375766e-05 8.30721198375766e-05 8.30721198375766e-05 
8.30721198375766e-05 8.30721198375766e-05 8.30721198375766e-05 
8.30721198375766e-05 8.30721198375766e-05 8.30721198375766e-05 
8.30721198375766e-05 8.30721198375766e-05 8.30721198375766e-05 
8.30721198375766e-05 8.30721198375766e-05 8.30721198375766e-05 
8.30721198375766e-05 8.30721198375766e-05 8.30721198375766e-05 
8.30721198375766e-05 8.30721198375766e-05 8.30721198375766e-05 
8.30721198375766e-05 8.30721198375766e-05 8.30721198375766e-05 
8.30721198375766e-05 8.30721198375766e-05 8.30721198375766e-05 
8.30721198375766e-05 8.30721198375766e-05 8.30721198375766e-05 
8.30721198375766e-05 8.30721198375766e-05 8.30721198375766e-05 
8.30721198375766e-05 8.30721198375766e-05 8.30721198375766e-05 
8.30721198375766e-05 8.30721198375766e-05 8.30721198375766e-05 
8.30721198375766e-05 8.30721198375766e-05 8.30721198375766e-05 
8.30721198375766e-05 8.30721198375766e-05 8.30721198375766e-05 
8.30721198375766e-05 8.30721198375766e-05 8.30721198375766e-05
##$VisuCoreFrameType=( 1 )
MAGNITUDE_IMAGE
##$VisuCoreSlicePacksDef=(0, 1)
$$ @vis= VisuCoreDataMax VisuCoreDataOffs VisuCoreDataSlope VisuCoreFrameType
##$VisuCoreSlicePacksSlices=( 1 )
(0, 18)
##$VisuCoreSlicePacksSliceDist=( 1 )
0.4
$$ @vis= VisuCoreSlicePacksDef VisuCoreSlicePacksSlices
##$VisuCoreWordType=_16BIT_SGN_INT
##$VisuCoreByteOrder=littleEndian
$$ @vis= VisuCoreSlicePacksSliceDist VisuCore VisuCoreWordType
##$VisuFGOrderDescDim=2
##$VisuFGOrderDesc=( 2 )
(18, <FG_SLICE>, <>, 0, 2) (4, <FG_CYCLE>, <>, 2, 0)
##$VisuGroupDepVals=( 2 )
(<VisuCoreOrientation>, 0) (<VisuCorePosition>, 0)
$$ @vis= VisuCoreByteOrder VisuPixel VisuFGOrderDescDim VisuFGOrderDesc
##$VisuSubjectName=( 65 )
<AntiVCAM1_CTL_ID001_F_18mon_TP0>
##$VisuSubjectId=( 65 )
<AntiVCAM1_CTL_ID001_F_18mon_TP0>
##$VisuSubjectUid=( 65 )
<2.16.756.5.5.100.8323328.23698.1659366290.3>
$$ @vis= VisuGroupDepVals VisuFrameOrderDesc VisuSubjectName VisuSubjectId
##$VisuSubjectInstanceCreationDate=(1659366290, 384, -240)
##$VisuSubjectBirthDate=( 9 )
<20210202>
##$VisuSubjectSex=FEMALE
$$ @vis= VisuSubjectUid VisuSubjectInstanceCreationDate VisuSubjectBirthDate
##$VisuSubjectType=Quadruped
##$VisuStudyUid=( 65 )
<2.16.756.5.5.100.8323328.23698.1659366290.4>
##$VisuStudyDate=<2022-08-01T11:04:50,385-0400>
$$ @vis= VisuSubjectSex VisuSubjectType VisuSubject VisuStudyUid
##$VisuStudyId=( 65 )
<JiaG/AntiVCAM1>
##$VisuStudyNumber=1
##$VisuSubjectWeight=0.0367
##$VisuStudyReferringPhysician=( 65 )
<Jia>
$$ @vis= VisuStudyDate VisuStudyId VisuStudyNumber VisuSubjectWeight
##$VisuStudyDescription=( 2048 )
<\
>
##$VisuExperimentNumber=14
$$ @vis= VisuStudyReferringPhysician VisuStudyDescription VisuStudy
##$VisuProcessingNumber=1
##$VisuSeriesDate=<2022-08-01T11:45:45,887-0400>
##$VisuSubjectPosition=Head_Prone
$$ @vis= VisuExperimentNumber VisuProcessingNumber VisuSeriesDate
##$VisuSeriesTypeId=( 65 )
<ACQ_BRUKER_PVM>
$$ @vis= VisuSubjectPosition VisuSeriesTypeId VisuSeries VisuCoilReceive
##$VisuManufacturer=( 65 )
<Bruker BioSpin MRI GmbH>
##$VisuAcqSoftwareVersion=( 65 )
<6.0.1>
$$ @vis= VisuCoilTransmit VisuContrastAgent VisuManufacturer
##$VisuInstitution=( 65 )
<New York Columbia University>
##$VisuStation=( 65 )
<BioSpec 94/30>
##$VisuSystemOrderNumber=( 65 )
<10211453>
$$ @vis= VisuAcqSoftwareVersion VisuInstitution VisuStation
##$VisuAcqDate=<2022-08-01T11:42:30,809-0400>
##$VisuAcqEchoTrainLength=1
$$ @vis= VisuSystemOrderNumber VisuEquipment VisuAcqDate
##$VisuAcqSequenceName=( 40 )
<Bruker:FLASH>
##$VisuAcqNumberOfAverages=1
##$VisuAcqImagingFrequency=400.317015983016
$$ @vis= VisuAcqEchoTrainLength VisuAcqSequenceName VisuAcqNumberOfAverages
##$VisuAcqImagedNucleus=( 8 )
<1H>
##$VisuAcqRepetitionTime=( 1 )
203.892246236196
##$VisuAcqPhaseEncSteps=160
$$ @vis= VisuAcqImagingFrequency VisuAcqImagedNucleus VisuAcqRepetitionTime
##$VisuAcqPixelBandwidth=296.138355839848
##$VisuAcqFlipAngle=30
##$VisuAcqSize=( 2 )
160 217
$$ @vis= VisuAcqPhaseEncSteps VisuAcqPixelBandwidth VisuAcqFlipAngle
##$VisuAcqImageSizeAccellerated=Yes
##$VisuAcqGradEncoding=( 2 )
phase_enc read_enc
##$VisuAcqEchoTime=( 1 )
2.31571910033531
$$ @vis= VisuAcqSize VisuAcqImageSizeAccellerated VisuAcqGradEncoding
##$VisuAcquisitionProtocol=( 65 )
<Step7_T1_FLASH_83x83x400micron_DCE_prex4_1m50s_postx60>
##$VisuAcqScanTime=130491.037591165
##$VisuAcqAntiAlias=( 2 )
1 2
$$ @vis= VisuAcqEchoTime VisuAcquisitionProtocol VisuAcqScanTime
##$VisuAcqEchoSequenceType=GradientEcho
##$VisuAcqSpinsVelocityEncoded=No
##$VisuAcqHasTimeOfFlightContrast=No
$$ @vis= VisuAcqAntiAlias VisuAcqEchoSequenceType VisuAcqSpinsVelocityEncoded
##$VisuAcqIsEpiSequence=No
##$VisuAcqSpectralSuppression=FatSuppression
$$ @vis= VisuAcqHasTimeOfFlightContrast VisuAcqIsEpiSequence
##$VisuAcqKSpaceTraversal=RectilinearTraversal
##$VisuAcqEncodingOrder=( 2 )
LinearEncoding LinearEncoding
$$ @vis= VisuAcqSpectralSuppression VisuAcqKSpaceTraversal
##$VisuAcqKSpaceTrajectoryCnt=1
##$VisuAcqKSpaceFiltering=( 2 )
NO_WDW NO_WDW
$$ @vis= VisuAcqEncodingOrder VisuAcqKSpaceTrajectoryCnt
##$VisuAcqFlowCompensation=FlowNone
##$VisuAcqSpoiling=GradientSpoiled
##$VisuAcqPartialFourier=( 2 )
1 1.5
$$ @vis= VisuAcqKSpaceFiltering VisuAcqFlowCompensation VisuAcqSpoiling
##$VisuAcqParallelReductionFactor=( 2 )
1 1
##$VisuAcqMagnetizationTransfer=No
$$ @vis= VisuAcqPartialFourier VisuAcqParallelReductionFactor
##$VisuAcqBloodSignalNulling=No
##$VisuCardiacSynchUsed=No
$$ @vis= VisuAcqMagnetizationTransfer VisuAcqBloodSignalNulling
##$VisuRespSynchUsed=No
$$ @vis= VisuCardiacSynchUsed VisuRespSynchUsed VisuAcquisition VisuMpi
$$ @vis= VisuDepricated Visu
##END=
$$ File finished by PARX at 2022-08-01 11:45:45.889 -0400
